PATH
  remote: .
  specs:
    context_logger (0.0.52)

GEM
  remote: https://rubygems.org/
  specs:

PLATFORMS
  ruby

DEPENDENCIES
  context_logger!

BUNDLED WITH
   1.14.6
