PATH
  remote: .
  specs:
    context_logger (0.0.40)

GEM
  remote: https://rubygems.org/
  specs:

PLATFORMS
  ruby

DEPENDENCIES
  context_logger!
