PATH
  remote: .
  specs:

GEM
  remote: https://rubygems.org/
  specs:

PLATFORMS
  ruby

DEPENDENCIES
  context_logger!

BUNDLED WITH
   1.14.6
