PATH
  remote: .
  specs:

GEM
  remote: https://rubygems.org/
  specs:
    context_logger (0.0.55)

PLATFORMS
  ruby

DEPENDENCIES
  context_logger!

BUNDLED WITH
   1.14.6
